GEM
  remote: https://rubygems.org/
  specs:
    byebug (8.2.0)
    diff-lcs (1.2.5)
    rbtree-pure (0.1.1)
    rspec (3.4.0)
      rspec-core (~> 3.4.0)
      rspec-expectations (~> 3.4.0)
      rspec-mocks (~> 3.4.0)
    rspec-core (3.4.1)
      rspec-support (~> 3.4.0)
    rspec-expectations (3.4.0)
      diff-lcs (>= 1.2.0, < 2.0)
      rspec-support (~> 3.4.0)
    rspec-mocks (3.4.0)
      diff-lcs (>= 1.2.0, < 2.0)
      rspec-support (~> 3.4.0)
    rspec-support (3.4.0)
    terminal-table (1.5.2)

PLATFORMS
  ruby

DEPENDENCIES
  byebug
  rbtree-pure
  rspec
  terminal-table
